PATH
  remote: .
  specs:
    flare-url (0.1.0)
      addressable (= 2.4.0)
      mail (= 2.6.4)
      public_suffix (= 1.5.1)

GEM
  remote: https://rubygems.org/
  specs:
    addressable (2.4.0)
    mail (2.6.4)
      mime-types (>= 1.16, < 4)
    mime-types (3.1)
      mime-types-data (~> 3.2015)
    mime-types-data (3.2016.0521)
    public_suffix (1.5.1)
    rake (10.5.0)

PLATFORMS
  ruby

DEPENDENCIES
  flare-url!
  rake (= 10.5.0)

RUBY VERSION
   ruby 2.3.0p0

BUNDLED WITH
   1.13.2
